GEM
  remote: http://rubygems.org/
  specs:
    timecop (0.7.1)

PLATFORMS
  ruby

DEPENDENCIES
  timecop
